GEM
  remote: https://rubygems.org/
  specs:
    amq-protocol (2.3.0)
    bunny (2.9.2)
      amq-protocol (~> 2.3.0)
    httparty (0.16.2)
      multi_xml (>= 0.5.2)
    multi_xml (0.6.0)
    pg (1.0.0)
    sequel (5.8.0)
    trollop (2.1.2)

PLATFORMS
  ruby

DEPENDENCIES
  bunny
  httparty
  pg
  sequel
  trollop

BUNDLED WITH
   1.16.2
